GEM
  remote: https://rubygems.org/
  specs:
    POpen4 (0.1.4)
      Platform (>= 0.4.0)
      open4
    Platform (0.4.0)
    adsf (1.2.1)
      rack (>= 1.0.0)
    colored (1.2)
    cri (2.8.0)
      colored (~> 1.2)
    execjs (2.7.0)
    html_compressor (0.0.3)
      POpen4 (>= 0.1.4)
    htmlentities (4.3.4)
    json (2.1.0)
    kramdown (1.13.2)
    mini_portile2 (2.1.0)
    nanoc (3.8.0)
      cri (~> 2.3)
    nokogiri (1.7.2)
      mini_portile2 (~> 2.1.0)
    open4 (1.3.4)
    rack (2.0.3)
    rainpress (1.0.1)
    stringex (2.7.1)
    systemu (2.6.5)
    uglifier (3.2.0)
      execjs (>= 0.3.0, < 3)
    w3c_validators (1.3.2)
      json (>= 1.8)
      nokogiri (~> 1.6)

PLATFORMS
  ruby

DEPENDENCIES
  adsf
  html_compressor
  htmlentities
  kramdown
  nanoc (~> 3.6, >= 3.6.6)
  nokogiri
  rack
  rainpress
  stringex
  systemu
  uglifier
  w3c_validators

BUNDLED WITH
   1.14.6
