GEM
  remote: https://rubygems.org/
  specs:
    POpen4 (0.1.4)
      Platform (>= 0.4.0)
      open4
    Platform (0.4.0)
    adsf (1.2.0)
      rack (>= 1.0.0)
    colored (1.2)
    cri (2.5.0)
      colored (~> 1.2)
    execjs (2.0.2)
    html_compressor (0.0.3)
      POpen4 (>= 0.1.4)
    htmlentities (4.3.1)
    json (1.8.1)
    kramdown (1.3.3)
    mini_portile (0.5.3)
    nanoc (3.6.8)
      cri (~> 2.3)
    nokogiri (1.6.1)
      mini_portile (~> 0.5.0)
    open4 (1.3.3)
    rack (1.5.2)
    rainpress (1.0)
    stringex (2.5.0)
    systemu (2.6.4)
    uglifier (2.5.0)
      execjs (>= 0.3.0)
      json (>= 1.8.0)
    w3c_validators (1.2)
      json
      nokogiri

PLATFORMS
  ruby

DEPENDENCIES
  adsf
  html_compressor
  htmlentities
  kramdown
  nanoc (~> 3.6, >= 3.6.6)
  nokogiri
  rack
  rainpress
  stringex
  systemu
  uglifier
  w3c_validators
