GEM
  remote: https://rubygems.org/
  specs:
    POpen4 (0.1.4)
      Platform (>= 0.4.0)
      open4
    Platform (0.4.0)
    adsf (1.2.0)
      rack (>= 1.0.0)
    colored (1.2)
    cri (2.7.0)
      colored (~> 1.2)
    execjs (2.6.0)
    html_compressor (0.0.3)
      POpen4 (>= 0.1.4)
    htmlentities (4.3.4)
    json (1.8.3)
    kramdown (1.9.0)
    mini_portile (0.6.2)
    nanoc (3.8.0)
      cri (~> 2.3)
    nokogiri (1.6.6.2)
      mini_portile (~> 0.6.0)
    open4 (1.3.4)
    rack (1.6.4)
    rainpress (1.0)
    stringex (2.5.2)
    systemu (2.6.5)
    uglifier (2.7.2)
      execjs (>= 0.3.0)
      json (>= 1.8.0)
    w3c_validators (1.2)
      json
      nokogiri

PLATFORMS
  ruby

DEPENDENCIES
  adsf
  html_compressor
  htmlentities
  kramdown
  nanoc (~> 3.6, >= 3.6.6)
  nokogiri
  rack
  rainpress
  stringex
  systemu
  uglifier
  w3c_validators
